GEM
  remote: http://rubygems.org/
  specs:
    coderay (1.0.7)
    guard (1.3.2)
      listen (>= 0.4.2)
      thor (>= 0.14.6)
    guard-shell (0.5.1)
      guard (>= 1.1.0)
    listen (0.5.0)
    method_source (0.8)
    pry (0.9.10)
      coderay (~> 1.0.5)
      method_source (~> 0.8)
      slop (~> 3.3.1)
    pry (0.9.10-x86-mingw32)
      coderay (~> 1.0.5)
      method_source (~> 0.8)
      slop (~> 3.3.1)
      win32console (~> 1.3)
    pry-nav (0.2.2)
      pry (~> 0.9.10)
    rake (0.9.2.2)
    redcarpet (2.1.1)
    rubyzip (0.9.9)
    slop (3.3.3)
    thor (0.16.0)
    wdm (0.0.3)
    win32console (1.3.2-x86-mingw32)

PLATFORMS
  ruby
  x86-mingw32

DEPENDENCIES
  guard
  guard-shell
  pry
  pry-nav
  rake
  redcarpet
  rubyzip
  wdm
