GEM
  remote: http://rubygems.org/
  specs:
    coderay (1.0.8)
    guard (1.6.2)
      listen (>= 0.6.0)
      lumberjack (>= 1.0.2)
      pry (>= 0.9.10)
      terminal-table (>= 1.4.3)
      thor (>= 0.14.6)
    guard-shell (0.5.1)
      guard (>= 1.1.0)
    listen (0.7.2)
    lumberjack (1.0.2)
    method_source (0.8.1)
    pry (0.9.12)
      coderay (~> 1.0.5)
      method_source (~> 0.8)
      slop (~> 3.4)
    pry (0.9.12-x86-mingw32)
      coderay (~> 1.0.5)
      method_source (~> 0.8)
      slop (~> 3.4)
      win32console (~> 1.3)
    pry-nav (0.2.3)
      pry (~> 0.9.10)
    rake (10.0.3)
    redcarpet (2.2.2)
    rubyzip (0.9.9)
    slop (3.4.3)
    terminal-table (1.4.5)
    thor (0.17.0)
    wdm (0.0.3)
    win32console (1.3.2-x86-mingw32)

PLATFORMS
  ruby
  x86-mingw32

DEPENDENCIES
  guard
  guard-shell
  pry
  pry-nav
  rake
  redcarpet
  rubyzip
  wdm (~> 0.0.3)
